GIT
  remote: https://github.com/BurlingtonCodeAcademy/deck.rb.git
  revision: adc9af69ef47fd7eb0c92a735d1154320a711834
  specs:
    deckrb (0.6.0)
      erector (>= 0.9.0)
      json
      nokogiri
      optimist (~> 3.0)
      rack (>= 1.4.1)
      redcarpet (~> 3.5)
      thin

GIT
  remote: https://github.com/alexch/rerun.git
  revision: a95b61eb1e5ac4fa9706d46dad10798c33eda59f
  specs:
    rerun (0.13.1)
      listen (~> 3.0)

GIT
  remote: https://github.com/alexch/wrong.git
  revision: 9fae5b82b3704c7bbf61b36fb9015090511742bd
  specs:
    wrong (0.7.1)
      diff-lcs (~> 1.2.5)
      predicated (~> 0.2.6)
      ruby2ruby (>= 2.0.1)
      ruby_parser (>= 3.0.1)
      sexp_processor (>= 4.0)

GEM
  remote: https://rubygems.org/
  specs:
    activesupport (6.1.1)
      concurrent-ruby (~> 1.0, >= 1.0.2)
      i18n (>= 1.6, < 2)
      minitest (>= 5.1)
      tzinfo (~> 2.0)
      zeitwerk (~> 2.3)
    awesome_print (1.8.0)
    barnes (0.0.8)
      multi_json (~> 1)
      statsd-ruby (~> 1.1)
    chronic (0.10.2)
    coderay (1.1.3)
    colored (1.2)
    concurrent-ruby (1.1.7)
    daemons (1.3.1)
    diff-lcs (1.2.5)
    erector (0.10.0)
      treetop (>= 1.2.3)
    eventmachine (1.2.7)
    ffi (1.14.2)
    files (0.4.0)
    i18n (1.8.7)
      concurrent-ruby (~> 1.0)
    json (2.5.1)
    listen (3.4.1)
      rb-fsevent (~> 0.10, >= 0.10.3)
      rb-inotify (~> 0.9, >= 0.9.10)
    method_source (1.0.0)
    mini_portile2 (2.8.2)
    minitest (5.14.3)
    multi_json (1.15.0)
    mustermann (1.1.1)
      ruby2_keywords (~> 0.0.1)
    newrelic_rpm (6.14.0)
    nio4r (2.5.4)
    nokogiri (1.14.3)
      mini_portile2 (~> 2.8.0)
      racc (~> 1.4)
    oj (3.11.0)
    optimist (3.0.1)
    polyglot (0.3.5)
    predicated (0.2.6)
    pry (0.13.1)
      coderay (~> 1.1)
      method_source (~> 1.0)
    puma (5.1.1)
      nio4r (~> 2.0)
    racc (1.6.2)
    rack (2.2.3)
    rack-cache (1.12.1)
      rack (>= 0.4)
    rack-protection (2.1.0)
      rack
    rack-rewrite (1.5.1)
    rack-ssl (1.4.1)
      rack
    rake (13.0.3)
    rake-notes (0.2.2)
      colored
      rake
    rb-fsevent (0.10.4)
    rb-inotify (0.10.1)
      ffi (~> 1.0)
    redcarpet (3.5.1)
    rollbar (3.1.1)
    rspec (3.10.0)
      rspec-core (~> 3.10.0)
      rspec-expectations (~> 3.10.0)
      rspec-mocks (~> 3.10.0)
    rspec-core (3.10.1)
      rspec-support (~> 3.10.0)
    rspec-expectations (3.10.1)
      diff-lcs (>= 1.2.0, < 2.0)
      rspec-support (~> 3.10.0)
    rspec-mocks (3.10.1)
      diff-lcs (>= 1.2.0, < 2.0)
      rspec-support (~> 3.10.0)
    rspec-support (3.10.1)
    ruby2_keywords (0.0.2)
    ruby2ruby (2.4.4)
      ruby_parser (~> 3.1)
      sexp_processor (~> 4.6)
    ruby_parser (3.15.1)
      sexp_processor (~> 4.9)
    sassc (2.4.0)
      ffi (~> 1.9)
    sexp_processor (4.15.2)
    sinatra (2.1.0)
      mustermann (~> 1.0)
      rack (~> 2.2)
      rack-protection (= 2.1.0)
      tilt (~> 2.0)
    sinatra-contrib (2.1.0)
      multi_json
      mustermann (~> 1.0)
      rack-protection (= 2.1.0)
      sinatra (= 2.1.0)
      tilt (~> 2.0)
    statsd-ruby (1.5.0)
    thin (1.8.0)
      daemons (~> 1.0, >= 1.0.9)
      eventmachine (~> 1.0, >= 1.0.4)
      rack (>= 1, < 3)
    tilt (2.0.10)
    treetop (1.6.11)
      polyglot (~> 0.3)
    tzinfo (2.0.4)
      concurrent-ruby (~> 1.0)
    zeitwerk (2.4.2)

PLATFORMS
  ruby

DEPENDENCIES
  activesupport (~> 6.0, >= 6.0.3.1)
  awesome_print (~> 1.8)
  barnes (~> 0.0.7)
  chronic (~> 0.10.2)
  deckrb!
  erector (>= 0.9.0)
  files (~> 0.4.0)
  json (~> 2.3, >= 2.3.1)
  listen (~> 3.1)
  newrelic_rpm (~> 6.12, >= 6.12.0.367)
  nokogiri (~> 1.10, >= 1.10.10)
  oj (~> 3.10, >= 3.10.13)
  pry (~> 0.13)
  puma (~> 5.1)
  rack-cache (~> 1.12, >= 1.12.0)
  rack-rewrite (~> 1.5)
  rack-ssl (~> 1.4, >= 1.4.1)
  rake (~> 13.0)
  rake-notes (~> 0.2)
  redcarpet (~> 3.5)
  rerun!
  rollbar (~> 3.0, >= 3.0.0)
  rspec (~> 3.8)
  sassc (~> 2.4, >= 2.4.0)
  sinatra (~> 2.1)
  sinatra-contrib (~> 2.1)
  wrong!

RUBY VERSION
   ruby 3.1.4p223

BUNDLED WITH
   2.1.4
